GEM
  remote: https://rubygems.org/
  specs:
    hike (1.2.3)
    multi_json (1.8.2)
    rack (1.5.2)
    sprockets (2.10.1)
      hike (~> 1.2)
      multi_json (~> 1.0)
      rack (~> 1.0)
      tilt (~> 1.1, != 1.3.0)
    tilt (1.4.1)
    yui-compressor (0.12.0)

PLATFORMS
  x86-mingw32

DEPENDENCIES
  sprockets (~> 2.10)
  yui-compressor (~> 0.12)
